GEM
  remote: http://rubygems.org/
  specs:
    addressable (2.2.8)
    awesome_print (1.0.2)
    boson (1.2.4)
    coderay (1.0.7)
    formatador (0.2.3)
    gem-browse (1.0.0)
    gem-ctags (1.0.4)
    gist (3.1.0)
    github (0.7.2)
      highline (~> 1.6)
      json_pure (~> 1.5.1)
      launchy (~> 2.0.2)
      text-format (= 1.0.0)
      text-hyphen (= 1.0.0)
    google (1.0.10)
      formatador (~> 0.2)
      htmlentities (~> 4)
      json (~> 1)
      ruby-readability (~> 0.5)
      trollop (~> 1)
    guess_html_encoding (0.0.6)
    highline (1.6.14)
    hirb (0.6.2)
    hookup (1.1.0)
    htmlentities (4.3.1)
    interactive_editor (0.0.10)
      spoon (>= 0.0.1)
    json (1.7.5)
    json_pure (1.5.4)
      spruz (~> 0.2.8)
    launchy (2.0.5)
      addressable (~> 2.2.6)
    map_by_method (0.8.3)
    method_source (0.8)
    nokogiri (1.5.5)
    pry (0.9.10)
      coderay (~> 1.0.5)
      method_source (~> 0.8)
      slop (~> 3.3.1)
    pry-doc (0.4.4)
      pry (>= 0.9.9.6)
      yard (~> 0.8.1)
    pry-theme (0.1.2)
      json
    ruby-readability (0.5.4)
      guess_html_encoding (>= 0.0.4)
      nokogiri (>= 1.4.2)
    rubygems-bundler (1.1.0)
    slop (3.3.3)
    spoon (0.0.1)
    spruz (0.2.13)
    text-format (1.0.0)
      text-hyphen (~> 1.0.0)
    text-hyphen (1.0.0)
    tmuxinator (0.5.0)
    trollop (1.16.2)
    vimdb (0.5.1)
      boson (>= 1.1.1)
      hirb (~> 0.6.0)
    what_methods (1.0.1)
    wirble (0.1.3)
    yard (0.8.2.1)
    zeus (0.10.0)

PLATFORMS
  ruby

DEPENDENCIES
  awesome_print
  gem-browse
  gem-ctags
  gist
  github
  google
  hirb
  hookup
  interactive_editor
  map_by_method
  pry
  pry-doc
  pry-theme
  rubygems-bundler
  tmuxinator
  vimdb
  what_methods
  wirble
  zeus
