GEM
  remote: http://rubygems.org/
  specs:
    addressable (2.2.8)
    awesome_print (1.1.0)
    coderay (1.0.9)
    ffi (1.6.0)
    gem-browse (1.0.0)
    gem-ctags (1.0.5)
    gist (3.1.1)
    github (0.7.2)
      highline (~> 1.6)
      json_pure (~> 1.5.1)
      launchy (~> 2.0.2)
      text-format (= 1.0.0)
      text-hyphen (= 1.0.0)
    highline (1.6.16)
    hookup (1.2.2)
    interactive_editor (0.0.10)
      spoon (>= 0.0.1)
    json (1.7.7)
    json_pure (1.5.5)
      spruz (~> 0.2.8)
    launchy (2.0.5)
      addressable (~> 2.2.6)
    method_source (0.8.1)
    pry (0.9.12)
      coderay (~> 1.0.5)
      method_source (~> 0.8)
      slop (~> 3.4)
    pry-doc (0.4.5)
      pry (>= 0.9)
      yard (>= 0.8)
    pry-theme (0.2.0)
      json
    rubygems-bundler (1.1.1)
    slop (3.4.4)
    spoon (0.0.3)
      ffi
    spruz (0.2.13)
    text-format (1.0.0)
      text-hyphen (~> 1.0.0)
    text-hyphen (1.0.0)
    tmuxinator (0.5.0)
    yard (0.8.5.2)
    zeus (0.13.3)
      method_source (>= 0.6.7)

PLATFORMS
  ruby

DEPENDENCIES
  awesome_print
  gem-browse
  gem-ctags
  gist
  github
  hookup
  interactive_editor
  pry
  pry-doc
  pry-theme
  rubygems-bundler
  tmuxinator
  zeus
