GEM
  remote: http://rubygems.org/
  specs:
    addressable (2.2.8)
    awesome_print (1.1.0)
    catpix (0.2.0)
      docopt (~> 0.5, >= 0.5.0)
      rmagick (~> 2.15, >= 2.15.2)
      ruby-terminfo (~> 0.1, >= 0.1.1)
      tco (~> 0.1, >= 0.1.8)
    coderay (1.0.9)
    docopt (0.5.0)
    ffi (1.6.0)
    gem-browse (1.0.0)
    gem-ctags (1.0.5)
    gist (3.1.1)
    github (0.7.2)
      highline (~> 1.6)
      json_pure (~> 1.5.1)
      launchy (~> 2.0.2)
      text-format (= 1.0.0)
      text-hyphen (= 1.0.0)
    highline (1.6.16)
    hookup (1.2.2)
    hosts (0.1.1)
      linebreak (~> 2.0.1)
    hosts_updater (1.0.3)
      hosts (~> 0.1.1)
    interactive_editor (0.0.10)
      spoon (>= 0.0.1)
    json (1.7.7)
    json_pure (1.5.5)
      spruz (~> 0.2.8)
    launchy (2.0.5)
      addressable (~> 2.2.6)
    libnotify (0.8.1)
      ffi (>= 1.0.11)
    linebreak (2.0.1)
    method_source (0.8.1)
    pry (0.9.12)
      coderay (~> 1.0.5)
      method_source (~> 0.8)
      slop (~> 3.4)
    pry-doc (0.4.5)
      pry (>= 0.9)
      yard (>= 0.8)
    pry-theme (0.2.0)
      json
    rmagick (2.15.4)
    ruby-terminfo (0.1.1)
    rubygems-bundler (1.1.1)
    slop (3.4.4)
    spoon (0.0.3)
      ffi
    spruz (0.2.13)
    tco (0.1.8)
    text-format (1.0.0)
      text-hyphen (~> 1.0.0)
    text-hyphen (1.0.0)
    tmuxinator (0.5.0)
    yard (0.8.5.2)

PLATFORMS
  ruby

DEPENDENCIES
  awesome_print
  catpix
  gem-browse
  gem-ctags
  gist
  github
  hookup
  hosts_updater
  interactive_editor
  libnotify
  pry
  pry-doc
  pry-theme
  rubygems-bundler
  tmuxinator
