GEM
  remote: http://rubygems.org/
  specs:
    addressable (2.2.8)
    bundler-unload (1.0.2)
    coderay (1.1.1)
    erubis (2.7.0)
    executable-hooks (1.3.2)
    ffi (1.9.18)
    gem-browse (1.0.0)
    gem-ctags (1.0.8)
    gist (4.6.1)
    github (0.7.2)
      highline (~> 1.6)
      json_pure (~> 1.5.1)
      launchy (~> 2.0.2)
      text-format (= 1.0.0)
      text-hyphen (= 1.0.0)
    highline (1.7.8)
    hookup (1.2.4)
    hosts (0.1.1)
      linebreak (~> 2.0.1)
    hosts_updater (1.0.4)
      hosts (~> 0.1.1)
    interactive_editor (0.0.10)
      spoon (>= 0.0.1)
    json_pure (1.5.5)
      spruz (~> 0.2.8)
    launchy (2.0.5)
      addressable (~> 2.2.6)
    libnotify (0.9.3)
      ffi (>= 1.0.11)
    linebreak (2.0.1)
    method_source (0.8.2)
    pry (0.10.4)
      coderay (~> 1.1.0)
      method_source (~> 0.8.1)
      slop (~> 3.4)
    pry-doc (0.10.0)
      pry (~> 0.9)
      yard (~> 0.9)
    pry-theme (1.2.0)
      coderay (~> 1.1)
    rubygems-bundler (1.4.4)
      bundler-unload (>= 1.0.2)
      executable-hooks (>= 1.3.2)
    slop (3.6.0)
    spoon (0.0.6)
      ffi
    spruz (0.2.13)
    text-format (1.0.0)
      text-hyphen (~> 1.0.0)
    text-hyphen (1.0.0)
    thor (0.19.4)
    tmuxinator (0.9.0)
      erubis (~> 2.6)
      thor (~> 0.19, >= 0.15.0)
    yard (0.9.9)

PLATFORMS
  ruby

DEPENDENCIES
  gem-browse
  gem-ctags
  gist
  github
  hookup
  hosts_updater
  interactive_editor
  libnotify
  pry
  pry-doc
  pry-theme
  rubygems-bundler
  tmuxinator

BUNDLED WITH
   1.15.1
